PATH
  remote: .
  specs:
    viu (0.0.1)

GEM
  remote: https://rubygems.org/
  specs:
    minitest (5.14.1)
    rake (10.5.0)

PLATFORMS
  ruby

DEPENDENCIES
  bundler (~> 1.17)
  minitest (~> 5.0)
  rake (~> 10.0)
  viu!

BUNDLED WITH
   1.17.2
